PATH
  remote: .
  specs:
    propertyware (1.3.0)
      faraday (>= 0.0.1, < 1.0.1)
      faraday-multipart

GEM
  remote: https://rubygems.org/
  specs:
    ast (2.4.2)
    base64 (0.1.1)
    byebug (11.1.3)
    coderay (1.1.3)
    diff-lcs (1.5.0)
    faraday (0.15.4)
      multipart-post (>= 1.2, < 3)
    jaro_winkler (1.5.4)
    method_source (1.0.0)
    multipart-post (2.3.0)
    parallel (1.23.0)
    parser (3.2.2.3)
      ast (~> 2.4.1)
      racc
    pry (0.13.1)
      coderay (~> 1.1)
      method_source (~> 1.0)
    pry-byebug (3.9.0)
      byebug (~> 11.0)
      pry (~> 0.13.0)
    psych (4.0.3)
      stringio
    racc (1.4.16)
    rainbow (3.1.1)
    rake (12.0.0)
    rspec (3.10.0)
      rspec-core (~> 3.10.0)
      rspec-expectations (~> 3.10.0)
      rspec-mocks (~> 3.10.0)
    rspec-core (3.10.1)
      rspec-support (~> 3.10.0)
    rspec-expectations (3.10.1)
      diff-lcs (>= 1.2.0, < 2.0)
      rspec-support (~> 3.10.0)
    rspec-mocks (3.10.2)
      diff-lcs (>= 1.2.0, < 2.0)
      rspec-support (~> 3.10.0)
    rspec-support (3.10.3)
    rubocop (0.66.0)
      jaro_winkler (~> 1.5.1)
      parallel (~> 1.10)
      parser (>= 2.5, != 2.5.1.1)
      psych (>= 3.1.0)
      rainbow (>= 2.2.2, < 4.0)
      ruby-progressbar (~> 1.7)
      unicode-display_width (>= 1.4.0, < 1.6)
    ruby-progressbar (1.13.0)
    ruby2_keywords (0.0.5)
    stringio (3.0.1)
    unicode-display_width (1.5.0)

PLATFORMS
  ruby

DEPENDENCIES
  propertyware!
  pry-byebug
  rake (~> 13.0.1)
  rspec (~> 3.6, >= 3.6.0)
  rubocop (~> 0.66.0)

BUNDLED WITH
   2.1.4
